PATH
  remote: .
  specs:
    kiwi-ruby (0.1.0)
      activesupport
      faraday
      faraday_middleware

GEM
  remote: https://rubygems.org/
  specs:
    activesupport (7.0.4.1)
      concurrent-ruby (~> 1.0, >= 1.0.2)
      i18n (>= 1.6, < 2)
      minitest (>= 5.1)
      tzinfo (~> 2.0)
    addressable (2.6.0)
      public_suffix (>= 2.0.2, < 4.0)
    concurrent-ruby (1.1.10)
    crack (0.4.3)
      safe_yaml (~> 1.0.0)
    faraday (0.15.4)
      multipart-post (>= 1.2, < 3)
    faraday_middleware (0.13.1)
      faraday (>= 0.7.4, < 1.0)
    hashdiff (1.0.0)
    i18n (1.12.0)
      concurrent-ruby (~> 1.0)
    minitest (5.11.3)
    multipart-post (2.1.1)
    public_suffix (3.1.1)
    rake (10.5.0)
    safe_yaml (1.0.5)
    tzinfo (2.0.5)
      concurrent-ruby (~> 1.0)
    vcr (5.0.0)
    webmock (3.6.2)
      addressable (>= 2.3.6)
      crack (>= 0.3.2)
      hashdiff (>= 0.4.0, < 2.0.0)

PLATFORMS
  ruby

DEPENDENCIES
  bundler (~> 1.16)
  kiwi-ruby!
  minitest (~> 5.0)
  rake (~> 10.0)
  vcr
  webmock (= 3.6.2)

BUNDLED WITH
   1.16.6
